PATH
  remote: .
  specs:
    rubymine2xcode-theme (0.0.1)
      plist

GEM
  remote: https://rubygems.org/
  specs:
    diff-lcs (1.1.3)
    plist (3.1.0)
    rspec (2.9.0)
      rspec-core (~> 2.9.0)
      rspec-expectations (~> 2.9.0)
      rspec-mocks (~> 2.9.0)
    rspec-core (2.9.0)
    rspec-expectations (2.9.0)
      diff-lcs (~> 1.1.3)
    rspec-mocks (2.9.0)

PLATFORMS
  ruby

DEPENDENCIES
  plist
  rspec
  rubymine2xcode-theme!
